GEM
  remote: https://rubygems.org/
  specs:
    concurrent-ruby (1.0.4)
    diff-lcs (1.2.5)
    imgkit (1.6.1)
    rack (1.6.4)
    rack-protection (1.5.3)
      rack
    rspec (3.4.0)
      rspec-core (~> 3.4.0)
      rspec-expectations (~> 3.4.0)
      rspec-mocks (~> 3.4.0)
    rspec-core (3.4.4)
      rspec-support (~> 3.4.0)
    rspec-expectations (3.4.0)
      diff-lcs (>= 1.2.0, < 2.0)
      rspec-support (~> 3.4.0)
    rspec-mocks (3.4.1)
      diff-lcs (>= 1.2.0, < 2.0)
      rspec-support (~> 3.4.0)
    rspec-support (3.4.1)
    sinatra (1.4.7)
      rack (~> 1.5)
      rack-protection (~> 1.4)
      tilt (>= 1.3, < 3)
    sprockets (3.7.1)
      concurrent-ruby (~> 1.0)
      rack (> 1, < 3)
    tilt (2.0.2)
    wkhtmltoimage-binary (0.12.2)

PLATFORMS
  ruby

DEPENDENCIES
  imgkit
  rspec
  sinatra
  sprockets
  wkhtmltoimage-binary

BUNDLED WITH
   1.13.6
